PATH
  remote: .
  specs:
    oss_audit (1.0.2)

GEM
  remote: https://rubygems.org/
  specs:
    minitest (5.14.4)
    rake (12.3.3)

PLATFORMS
  ruby

DEPENDENCIES
  minitest (~> 5.0)
  oss_audit!
  rake (~> 12.0)

BUNDLED WITH
   2.1.4
